GEM
  remote: http://rubygems.org/
  specs:
    httparty (0.9.0)
      multi_json (~> 1.0)
      multi_xml
    multi_json (1.3.6)
    multi_xml (0.5.1)
    nokogiri (1.5.2)
    rainbow (1.1.4)

PLATFORMS
  ruby

DEPENDENCIES
  httparty
  nokogiri
  rainbow
